GEM
  remote: https://rubygems.org/
  specs:
    CFPropertyList (2.3.6)
    addressable (2.8.1)
      public_suffix (>= 2.0.2, < 6.0)
    ansi (1.5.0)
    ast (2.4.0)
    aws-eventstream (1.1.0)
    aws-partitions (1.299.0)
    aws-sdk-core (3.94.0)
      aws-eventstream (~> 1, >= 1.0.2)
      aws-partitions (~> 1, >= 1.239.0)
      aws-sigv4 (~> 1.1)
      jmespath (~> 1.0)
    aws-sdk-ec2 (1.154.0)
      aws-sdk-core (~> 3, >= 3.71.0)
      aws-sigv4 (~> 1.1)
    aws-sigv4 (1.1.2)
      aws-eventstream (~> 1.0, >= 1.0.2)
    bindata (2.4.7)
    bolt (2.6.0)
      CFPropertyList (~> 2.2)
      addressable (~> 2.5)
      aws-sdk-ec2 (~> 1)
      concurrent-ruby (~> 1.0)
      hiera-eyaml (~> 3)
      jwt (~> 2.2)
      logging (~> 2.2)
      minitar (~> 0.6)
      net-scp (~> 1.2)
      net-ssh (>= 4.0)
      net-ssh-krb (~> 0.5)
      orchestrator_client (~> 0.4)
      puppet (>= 6.11.0, < 7)
      puppet-resource_api (>= 1.8.1)
      puppet-strings (~> 2.3)
      puppetfile-resolver (~> 0.1.0)
      r10k (~> 3.1)
      ruby_smb (~> 1.0)
      terminal-table (~> 1.8)
      winrm (~> 2.0)
      winrm-fs (~> 1.3)
    builder (3.2.4)
    codecov (0.1.21)
      json
      simplecov
    coderay (1.1.2)
    colored2 (3.1.2)
    concurrent-ruby (1.1.6)
    connection_pool (2.2.2)
    cri (2.15.10)
    deep_merge (1.2.1)
    diff-lcs (1.3)
    docile (1.4.0)
    docker-api (1.34.2)
      excon (>= 0.47.0)
      multi_json
    domain_name (0.5.20190701)
      unf (>= 0.0.5, < 1.0.0)
    erubi (1.9.0)
    excon (0.73.0)
    facter (4.0.16)
      hocon (~> 1.3)
      thor (>= 1.0.1, < 2.0)
    facterdb (1.2.0)
      facter
      jgrep
    faraday (0.17.3)
      multipart-post (>= 1.2, < 3)
    faraday_middleware (0.14.0)
      faraday (>= 0.7.4, < 1.0)
    fast_gettext (1.1.2)
    ffi (1.12.2)
    ffi-compiler (1.0.1)
      ffi (>= 1.0.0)
      rake
    gettext (3.2.9)
      locale (>= 2.0.5)
      text (>= 1.3.0)
    gettext-setup (0.34)
      fast_gettext (~> 1.1.0)
      gettext (>= 3.0.2, < 3.3.0)
      locale
    gssapi (1.3.0)
      ffi (>= 1.0.1)
    gyoku (1.3.1)
      builder (>= 2.1.2)
    hiera (3.6.0)
    hiera-eyaml (3.2.0)
      highline (~> 1.6.19)
      optimist
    highline (1.6.21)
    hirb (0.7.3)
    hocon (1.3.0)
    honeycomb-beeline (2.0.0)
      libhoney (~> 1.14, >= 1.14.2)
    http (4.4.1)
      addressable (~> 2.3)
      http-cookie (~> 1.0)
      http-form_data (~> 2.2)
      http-parser (~> 1.2.0)
    http-accept (1.7.0)
    http-cookie (1.0.3)
      domain_name (~> 0.5)
    http-form_data (2.3.0)
    http-parser (1.2.1)
      ffi-compiler (>= 1.0, < 2.0)
    httpclient (2.8.3)
    jgrep (1.5.2)
    jmespath (1.4.0)
    json (2.6.2)
    json-schema (2.8.1)
      addressable (>= 2.4)
    jwt (2.2.1)
    libhoney (1.14.4)
      addressable (~> 2.0)
      http (>= 2.0, < 5.0)
    little-plugger (1.1.4)
    locale (2.1.3)
    log4r (1.1.10)
    logging (2.2.2)
      little-plugger (~> 1.1)
      multi_json (~> 1.10)
    metaclass (0.0.4)
    metadata-json-lint (2.3.0)
      json-schema (~> 2.8)
      spdx-licenses (~> 1.0)
    method_source (0.8.2)
    mime-types (3.3.1)
      mime-types-data (~> 3.2015)
    mime-types-data (3.2019.1009)
    minitar (0.9)
    mocha (1.1.0)
      metaclass (~> 0.0.1)
    molinillo (0.6.6)
    multi_json (1.14.1)
    multipart-post (2.1.1)
    net-http-persistent (3.1.0)
      connection_pool (~> 2.2)
    net-scp (1.2.1)
      net-ssh (>= 2.6.5)
    net-ssh (6.0.0)
    net-ssh-krb (0.5.1)
      gssapi (~> 1.3.0)
      net-ssh (>= 2.0)
    net-telnet (0.1.1)
    netrc (0.11.0)
    nori (2.6.0)
    optimist (3.0.1)
    orchestrator_client (0.4.3)
      faraday
      net-http-persistent
    parallel (1.19.1)
    parallel_tests (2.14.2)
      parallel
    parser (2.5.1.2)
      ast (~> 2.4.0)
    pathspec (0.2.1)
    powerpack (0.1.2)
    pry (0.10.4)
      coderay (~> 1.1.0)
      method_source (~> 0.8.1)
      slop (~> 3.4)
    public_suffix (5.0.0)
    puppet (6.14.0)
      concurrent-ruby (~> 1.0)
      deep_merge (~> 1.0)
      facter (> 2.0.1, < 5)
      fast_gettext (~> 1.1)
      hiera (>= 3.2.1, < 4)
      httpclient (~> 2.8)
      locale (~> 2.1)
      multi_json (~> 1.10)
      puppet-resource_api (~> 1.5)
      semantic_puppet (~> 1.0)
    puppet-blacksmith (5.1.0)
      rest-client (~> 2.0)
    puppet-lint (2.4.2)
    puppet-module-posix-default-r2.7 (0.5.3)
    puppet-module-posix-dev-r2.5 (0.3.14)
      codecov (~> 0.1.10)
      gettext-setup (~> 0.26)
      metadata-json-lint (>= 2.0.2, < 3.0.0)
      mocha (>= 1.0.0, < 1.2.0)
      parallel_tests (>= 2.14.1, < 2.14.3)
      parser (~> 2.5.1.2)
      pry (~> 0.10.4)
      puppet-blacksmith (>= 3.4.0)
      puppet-lint (>= 2.3.0, < 3.0.0)
      puppet-strings (~> 2.0)
      puppet-syntax (>= 2.4.1, < 3.0.0)
      puppet_pot_generator (~> 1.0)
      puppetlabs_spec_helper (>= 2.9.0, < 3.0.0)
      rainbow (~> 2.0)
      rspec-puppet (>= 2.3.2, < 3.0.0)
      rspec-puppet-facts (~> 1.8)
      rspec_junit_formatter (~> 0.2)
      rubocop (~> 0.49.0)
      rubocop-i18n (~> 1.2.0)
      rubocop-rspec (~> 1.16.0)
      simplecov (>= 0.14.1, < 1.0.0)
      simplecov-console (~> 0.4.2)
      specinfra (= 2.76.7)
    puppet-modulebuilder (0.1.0)
      minitar (~> 0.6)
      pathspec (~> 0.2.1)
    puppet-resource_api (1.8.12)
      hocon (>= 1.0)
    puppet-strings (2.4.0)
      rgen
      yard (~> 0.9.5)
    puppet-syntax (2.6.1)
      puppet (>= 5)
      rake
    puppet_forge (2.3.4)
      faraday (>= 0.9.0, < 0.18.0, != 0.13.1)
      faraday_middleware (>= 0.9.0, < 0.15.0)
      gettext-setup (~> 0.11)
      minitar
      semantic_puppet (~> 1.0)
    puppet_litmus (0.18.1)
      bolt (>= 2.0.1, < 3.0.0)
      docker-api (>= 1.34, < 2.0.0)
      honeycomb-beeline
      parallel
      puppet-modulebuilder (~> 0.1)
      rspec
      rspec_honeycomb_formatter
      tty-spinner (>= 0.5.0, < 1.0.0)
    puppet_pot_generator (1.0.1)
      puppet
    puppetfile-resolver (0.1.0)
      molinillo (~> 0.6)
      semantic_puppet (~> 1.0)
    puppetlabs_spec_helper (2.14.1)
      mocha (~> 1.0)
      pathspec (~> 0.2.1)
      puppet-lint (~> 2.0)
      puppet-syntax (~> 2.0)
      rspec-puppet (~> 2.0)
    r10k (3.4.1)
      colored2 (= 3.1.2)
      cri (>= 2.15.10, < 3.0.0)
      fast_gettext (~> 1.1.0)
      gettext (>= 3.0.2, < 3.3.0)
      gettext-setup (~> 0.24)
      log4r (= 1.1.10)
      multi_json (~> 1.10)
      puppet_forge (~> 2.3.0)
    rainbow (2.2.2)
      rake
    rake (13.0.1)
    rest-client (2.1.0)
      http-accept (>= 1.7.0, < 2.0)
      http-cookie (>= 1.0.2, < 2.0)
      mime-types (>= 1.16, < 4.0)
      netrc (~> 0.8)
    rgen (0.8.2)
    rspec (3.9.0)
      rspec-core (~> 3.9.0)
      rspec-expectations (~> 3.9.0)
      rspec-mocks (~> 3.9.0)
    rspec-core (3.9.1)
      rspec-support (~> 3.9.1)
    rspec-expectations (3.9.1)
      diff-lcs (>= 1.2.0, < 2.0)
      rspec-support (~> 3.9.0)
    rspec-its (1.3.0)
      rspec-core (>= 3.0.0)
      rspec-expectations (>= 3.0.0)
    rspec-mocks (3.9.1)
      diff-lcs (>= 1.2.0, < 2.0)
      rspec-support (~> 3.9.0)
    rspec-puppet (2.7.8)
      rspec
    rspec-puppet-facts (1.10.0)
      facter
      facterdb (>= 0.5.0)
      json
      puppet
    rspec-support (3.9.2)
    rspec_honeycomb_formatter (0.2.1)
      honeycomb-beeline
      rspec-core (~> 3.0)
    rspec_junit_formatter (0.4.1)
      rspec-core (>= 2, < 4, != 2.12.0)
    rubocop (0.49.1)
      parallel (~> 1.10)
      parser (>= 2.3.3.1, < 3.0)
      powerpack (~> 0.1)
      rainbow (>= 1.99.1, < 3.0)
      ruby-progressbar (~> 1.7)
      unicode-display_width (~> 1.0, >= 1.0.1)
    rubocop-i18n (1.2.0)
      rubocop (~> 0.49.0)
    rubocop-rspec (1.16.0)
      rubocop (>= 0.49.0)
    ruby-progressbar (1.10.1)
    ruby_smb (1.1.0)
      bindata
      rubyntlm
      windows_error
    rubyntlm (0.6.2)
    rubyzip (2.3.0)
    semantic_puppet (1.0.2)
    serverspec (2.41.5)
      multi_json
      rspec (~> 3.0)
      rspec-its
      specinfra (~> 2.72)
    sfl (2.3)
    simplecov (0.21.2)
      docile (~> 1.1)
      simplecov-html (~> 0.11)
      simplecov_json_formatter (~> 0.1)
    simplecov-console (0.4.2)
      ansi
      hirb
      simplecov
    simplecov-html (0.12.3)
    simplecov_json_formatter (0.1.4)
    slop (3.6.0)
    spdx-licenses (1.2.0)
    specinfra (2.76.7)
      net-scp
      net-ssh (>= 2.7)
      net-telnet (= 0.1.1)
      sfl
    terminal-table (1.8.0)
      unicode-display_width (~> 1.1, >= 1.1.1)
    text (1.3.1)
    thor (1.0.1)
    tty-cursor (0.7.1)
    tty-spinner (0.9.3)
      tty-cursor (~> 0.7)
    unf (0.1.4)
      unf_ext
    unf_ext (0.0.7.7)
    unicode-display_width (1.7.0)
    windows_error (0.1.2)
    winrm (2.3.4)
      builder (>= 2.1.2)
      erubi (~> 1.8)
      gssapi (~> 1.2)
      gyoku (~> 1.0)
      httpclient (~> 2.2, >= 2.2.0.2)
      logging (>= 1.6.1, < 3.0)
      nori (~> 2.0)
      rubyntlm (~> 0.6.0, >= 0.6.1)
    winrm-fs (1.3.4)
      erubi (~> 1.8)
      logging (>= 1.6.1, < 3.0)
      rubyzip (~> 2.0)
      winrm (~> 2.0)
    yard (0.9.24)

PLATFORMS
  ruby

DEPENDENCIES
  fast_gettext
  puppet
  puppet-module-posix-default-r2.7 (~> 0.4)
  puppet-module-posix-dev-r2.5 (= 0.3.14)
  puppet-module-win-default-r2.7 (~> 0.4)
  puppet-module-win-dev-r2.7 (~> 0.4)
  puppet_litmus
  rb-readline (= 0.5.5)
  serverspec

BUNDLED WITH
   1.17.3
